GEM
  remote: https://rubygems.org/
  specs:
    addressable (2.7.0)
      public_suffix (>= 2.0.2, < 5.0)
    array_include_methods (1.0.4)
    awesome_print (1.8.0)
    builder (3.2.4)
    bundler-download (1.3.1)
      bundler (>= 2.0.0, < 3.0.0)
      download (>= 1.1.0, < 2.0.0)
      os (>= 1.1.1, < 2.0.0)
      tty-progressbar (>= 0.17.0, < 2.0.0)
    concurrent-ruby (1.1.8)
    descendants_tracker (0.0.4)
      thread_safe (~> 0.3, >= 0.3.1)
    diff-lcs (1.4.4)
    docile (1.3.5)
    download (1.1.0)
    facets (3.1.0)
    faraday (1.3.0)
      faraday-net_http (~> 1.0)
      multipart-post (>= 1.2, < 3)
      ruby2_keywords
    faraday-net_http (1.0.1)
    git (1.8.1)
      rchardet (~> 1.8)
    git-glimmer (1.7.0)
      rchardet (~> 1.8)
    github_api (0.19.0)
      addressable (~> 2.4)
      descendants_tracker (~> 0.0.4)
      faraday (>= 0.8, < 2)
      hashie (~> 3.5, >= 3.5.2)
      oauth2 (~> 1.0)
    glimmer (1.0.11)
      array_include_methods (>= 1.0.4, < 2.0.0)
      concurrent-ruby (>= 1.1.7, < 2.0.0)
      facets (>= 3.1.0, < 4.0.0)
    glimmer-cw-browser-chromium (4.17.0.3)
      bundler-download (~> 1.3)
      glimmer-dsl-swt (~> 4.17.2)
    glimmer-dsl-swt (4.17.10.8)
      git-glimmer (= 1.7.0)
      glimmer (~> 1.0.6)
      logging (>= 2.3.0, < 3.0.0)
      nested_inherited_jruby_include_package (>= 0.3.0, < 2.0.0)
      os (>= 1.0.0, < 2.0.0)
      puts_debuggerer (>= 0.11.0, < 2.0.0)
      rake (>= 10.1.0, < 14.0.0)
      rake-tui (>= 0.2.3, < 2.0.0)
      rouge (>= 3.26.0, < 4.0.0)
      super_module (>= 1.4.1, < 2.0.0)
      text-table (>= 1.2.4, < 2.0.0)
    hashie (3.6.0)
    highline (2.0.3)
    jar-dependencies (0.4.1)
    jruby-jars (9.2.14.0)
    jruby-rack (1.1.21)
    juwelier (2.4.9)
      builder
      bundler
      git
      github_api
      highline
      kamelcase (~> 0)
      nokogiri
      psych
      rake
      rdoc
      semver2
    jwt (2.2.2)
    kamelcase (0.0.2)
      semver2 (~> 3)
    little-plugger (1.1.4)
    logging (2.3.0)
      little-plugger (~> 1.1)
      multi_json (~> 1.14)
    method_source (1.0.0)
    multi_json (1.15.0)
    multi_xml (0.6.0)
    multipart-post (2.1.1)
    nested_inherited_jruby_include_package (0.3.0)
    nokogiri (1.11.1-java)
      racc (~> 1.4)
    oauth2 (1.4.4)
      faraday (>= 0.8, < 2.0)
      jwt (>= 1.0, < 3.0)
      multi_json (~> 1.3)
      multi_xml (~> 0.5)
      rack (>= 1.2, < 3)
    os (1.1.1)
    pastel (0.8.0)
      tty-color (~> 0.5)
    psych (3.3.0-java)
      jar-dependencies (>= 0.1.7)
    public_suffix (4.0.6)
    puts_debuggerer (0.11.0)
      awesome_print (~> 1.8.0)
    racc (1.5.2-java)
    rack (2.2.3)
    rake (13.0.3)
    rake-tui (0.2.3)
      tty-prompt
    rchardet (1.8.0)
    rdoc (6.3.0)
    rouge (3.26.0)
    rspec (3.5.0)
      rspec-core (~> 3.5.0)
      rspec-expectations (~> 3.5.0)
      rspec-mocks (~> 3.5.0)
    rspec-core (3.5.4)
      rspec-support (~> 3.5.0)
    rspec-expectations (3.5.0)
      diff-lcs (>= 1.2.0, < 2.0)
      rspec-support (~> 3.5.0)
    rspec-mocks (3.5.0)
      diff-lcs (>= 1.2.0, < 2.0)
      rspec-support (~> 3.5.0)
    rspec-support (3.5.0)
    ruby2_keywords (0.0.4)
    rubyzip (1.3.0)
    semver2 (3.4.2)
    simplecov (0.21.2)
      docile (~> 1.1)
      simplecov-html (~> 0.11)
      simplecov_json_formatter (~> 0.1)
    simplecov-html (0.12.3)
    simplecov_json_formatter (0.1.2)
    strings-ansi (0.2.0)
    super_module (1.4.1)
      method_source (>= 0.8.2, < 1.1.0)
    text-table (1.2.4)
    thread_safe (0.3.6-java)
    tty-color (0.6.0)
    tty-cursor (0.7.1)
    tty-progressbar (0.18.1)
      strings-ansi (~> 0.2)
      tty-cursor (~> 0.7)
      tty-screen (~> 0.8)
      unicode-display_width (>= 1.6, < 3.0)
    tty-prompt (0.23.0)
      pastel (~> 0.8)
      tty-reader (~> 0.8)
    tty-reader (0.9.0)
      tty-cursor (~> 0.7)
      tty-screen (~> 0.8)
      wisper (~> 2.0)
    tty-screen (0.8.1)
    unicode-display_width (2.0.0)
    warbler (2.0.5)
      jruby-jars (>= 9.0.0.0)
      jruby-rack (>= 1.1.1, < 1.3)
      rake (>= 10.1.0)
      rubyzip (~> 1.0, < 1.4)
    wisper (2.0.1)

PLATFORMS
  universal-java-1.8

DEPENDENCIES
  glimmer-cw-browser-chromium (~> 4.17.0)
  glimmer-dsl-swt (~> 4.17.0)
  juwelier (= 2.4.9)
  rspec (~> 3.5.0)
  simplecov
  warbler (= 2.0.5)

BUNDLED WITH
   2.2.9
